PATH
  remote: .
  specs:
    wild_wild_hash (0.0.1)

GEM
  remote: https://rubygems.org/
  specs:
    minitest (5.0.3)
    rake (10.0.4)

PLATFORMS
  ruby

DEPENDENCIES
  bundler (~> 1.3)
  minitest
  rake
  wild_wild_hash!
